PATH
  remote: .
  specs:
    sorcery_tcg_data (0.1.0)
      activesupport

GEM
  remote: https://rubygems.org/
  specs:
    activesupport (7.0.2.3)
      concurrent-ruby (~> 1.0, >= 1.0.2)
      i18n (>= 1.6, < 2)
      minitest (>= 5.1)
      tzinfo (~> 2.0)
    concurrent-ruby (1.1.10)
    debug (1.5.0)
      irb (>= 1.3.6)
      reline (>= 0.2.7)
    i18n (1.10.0)
      concurrent-ruby (~> 1.0)
    io-console (0.5.11)
    irb (1.4.1)
      reline (>= 0.3.0)
    minitest (5.15.0)
    rake (13.0.6)
    reline (0.3.1)
      io-console (~> 0.5)
    terminal-table (3.0.2)
      unicode-display_width (>= 1.1.1, < 3)
    tzinfo (2.0.4)
      concurrent-ruby (~> 1.0)
    unicode-display_width (2.1.0)

PLATFORMS
  x86_64-darwin-20

DEPENDENCIES
  debug
  minitest (~> 5.0)
  rake (~> 13.0)
  sorcery_tcg_data!
  terminal-table

BUNDLED WITH
   2.3.4
