PATH
  remote: .
  specs:
    sorcery_tcg_data_ruby (0.1.0)
      value_semantics

GEM
  remote: https://rubygems.org/
  specs:
    debug (1.5.0)
      irb (>= 1.3.6)
      reline (>= 0.2.7)
    io-console (0.5.11)
    irb (1.4.1)
      reline (>= 0.3.0)
    minitest (5.15.0)
    rake (13.0.6)
    reline (0.3.1)
      io-console (~> 0.5)
    value_semantics (3.6.1)

PLATFORMS
  x86_64-darwin-20

DEPENDENCIES
  debug
  minitest (~> 5.0)
  rake (~> 13.0)
  sorcery_tcg_data_ruby!

BUNDLED WITH
   2.3.4
